GEM
  remote: http://rubygems.org/
  specs:
    aws-sdk (1.8.3.1)
      json (~> 1.4)
      nokogiri (>= 1.4.4)
      uuidtools (~> 2.1)
    json (1.7.7)
    nokogiri (1.5.6)
    nokogiri (1.5.6-x86-mingw32)
    rake (10.0.3)
    uuidtools (2.1.3)

PLATFORMS
  ruby
  x86-mingw32

DEPENDENCIES
  aws-sdk
  nokogiri
  rake
